PATH
  remote: .
  specs:
    rack-proxy (0.3.4)
      rack

GEM
  remote: http://rubygems.org/
  specs:
    rack (1.2.1)
    rack-test (0.5.6)
      rack (>= 1.0)

PLATFORMS
  ruby

DEPENDENCIES
  rack
  rack-proxy!
  rack-test
